GEM
  remote: https://rubygems.org/
  specs:
    ast (2.4.0)
    bundler-audit (0.6.1)
      bundler (>= 1.2.0, < 3)
      thor (~> 0.18)
    coderay (1.1.2)
    econfig (2.1.0)
    ffi (1.10.0)
    ffi (1.10.0-x64-mingw32)
    hirb (0.7.3)
    jaro_winkler (1.5.2)
    json (2.2.0)
    method_source (0.9.2)
    minitest (5.11.3)
    minitest-rg (5.2.0)
      minitest (~> 5.0)
    parallel (1.17.0)
    parser (2.6.2.1)
      ast (~> 2.4.0)
    powerpack (0.1.2)
    pry (0.12.2)
      coderay (~> 1.1.0)
      method_source (~> 0.9.0)
    puma (3.12.1)
    rack (2.0.7)
    rack-test (1.1.0)
      rack (>= 1.0, < 3)
    rainbow (3.0.0)
    rake (12.3.2)
    rbnacl (6.0.1)
      ffi
    roda (3.19.0)
      rack
    rubocop (0.64.0)
      jaro_winkler (~> 1.5.1)
      parallel (~> 1.10)
      parser (>= 2.5, != 2.5.1.1)
      powerpack (~> 0.1)
      rainbow (>= 2.2.2, < 4.0)
      ruby-progressbar (~> 1.7)
      unicode-display_width (~> 1.4.0)
    rubocop-performance (1.0.0)
      rubocop (>= 0.58.0)
    ruby-progressbar (1.10.0)
    sequel (5.19.0)
    sqlite3 (1.4.0)
    thor (0.20.3)
    unicode-display_width (1.4.1)

PLATFORMS
  ruby
  x64-mingw32

DEPENDENCIES
  bundler-audit
  econfig
  hirb
  json
  minitest
  minitest-rg
  pry
  puma (~> 3.11)
  rack
  rack-test
  rake
  rbnacl (~> 6.0)
  roda (~> 3.6)
  rubocop
  rubocop-performance
  sequel
  sqlite3

RUBY VERSION
   ruby 2.6.1p33

BUNDLED WITH
   1.17.2
